GEM
  remote: http://rubygems.org/
  specs:
    activesupport (3.2.6)
      i18n (~> 0.6)
      multi_json (~> 1.0)
    awesome_print (1.0.2)
    coderay (1.0.6)
    hashie (1.1.0)
    httparty (0.8.3)
      multi_json (~> 1.0)
      multi_xml
    i18n (0.6.0)
    little-plugger (1.1.3)
    logging (1.7.2)
      little-plugger (>= 1.1.3)
    method_source (0.7.1)
    multi_json (1.3.6)
    multi_xml (0.5.1)
    pry (0.9.9.6)
      coderay (~> 1.0.5)
      method_source (~> 0.7.1)
      slop (>= 2.4.4, < 3)
    pry-nav (0.2.1)
      pry (~> 0.9.9)
    slop (2.4.4)
    trollop (1.16.2)

PLATFORMS
  ruby

DEPENDENCIES
  activesupport (~> 3.2.6)
  awesome_print
  hashie
  httparty
  logging
  pry
  pry-nav
  trollop
